GEM
  remote: https://rubygems.org/
  specs:
    mina (1.2.3)
      open4 (~> 1.3.4)
      rake
    open4 (1.3.4)
    rake (12.3.1)

PLATFORMS
  ruby

DEPENDENCIES
  mina

BUNDLED WITH
   1.16.6
